GEM
  remote: http://rubygems.org/
  specs:
    faraday (0.8.4)
      multipart-post (~> 1.1)
    log4r (1.1.10)
    multipart-post (1.1.5)
    rack (1.4.1)
    rack-protection (1.2.0)
      rack
    rake (0.9.2.2)
    sinatra (1.3.3)
      rack (~> 1.3, >= 1.3.6)
      rack-protection (~> 1.2)
      tilt (~> 1.3, >= 1.3.3)
    tilt (1.3.3)
    webrick (1.3.1)

PLATFORMS
  ruby

DEPENDENCIES
  faraday (~> 0.8.4)
  log4r (~> 1.1.10)
  rake (~> 0.9.2.2)
  sinatra (~> 1.3.3)
  webrick (~> 1.3.1)
